GEM
  remote: http://rubygems.org/
  specs:
    builder (3.2.2)
    rack (1.6.4)
    sinatra (1.0)
      rack (>= 1.0)

PLATFORMS
  ruby

DEPENDENCIES
  builder
  sinatra (= 1.0)
